GEM
  remote: https://rubygems.org/
  specs:
    activesupport (6.1.3.2)
      concurrent-ruby (~> 1.0, >= 1.0.2)
      i18n (>= 1.6, < 2)
      minitest (>= 5.1)
      tzinfo (~> 2.0)
      zeitwerk (~> 2.3)
    addressable (2.7.0)
      public_suffix (>= 2.0.2, < 5.0)
    cairo (1.17.5)
      native-package-installer (>= 1.0.3)
      pkg-config (>= 1.2.2)
      red-colors
    cairo-gobject (3.4.4)
      cairo (>= 1.16.2)
      glib2 (= 3.4.4)
    colorator (1.1.0)
    concurrent-ruby (1.1.8)
    down (5.2.1)
      addressable (~> 2.5)
    em-websocket (0.5.2)
      eventmachine (>= 0.12.9)
      http_parser.rb (~> 0.6.0)
    eventmachine (1.2.7)
    ffi (1.15.1)
    forwardable-extended (2.6.0)
    gdk_pixbuf2 (3.4.4)
      gio2 (= 3.4.4)
    gio2 (3.4.4)
      gobject-introspection (= 3.4.4)
    glib2 (3.4.4)
      native-package-installer (>= 1.0.3)
      pkg-config (>= 1.3.5)
    gobject-introspection (3.4.4)
      glib2 (= 3.4.4)
    http_parser.rb (0.6.0)
    httparty (0.18.1)
      mime-types (~> 3.0)
      multi_xml (>= 0.5.2)
    i18n (1.8.10)
      concurrent-ruby (~> 1.0)
    jekyll (4.2.0)
      addressable (~> 2.4)
      colorator (~> 1.0)
      em-websocket (~> 0.5)
      i18n (~> 1.0)
      jekyll-sass-converter (~> 2.0)
      jekyll-watch (~> 2.0)
      kramdown (~> 2.3)
      kramdown-parser-gfm (~> 1.0)
      liquid (~> 4.0)
      mercenary (~> 0.4.0)
      pathutil (~> 0.9)
      rouge (~> 3.0)
      safe_yaml (~> 1.0)
      terminal-table (~> 2.0)
    jekyll-feed (0.15.1)
      jekyll (>= 3.7, < 5.0)
    jekyll-paginate (1.1.0)
    jekyll-redirect-from (0.16.0)
      jekyll (>= 3.3, < 5.0)
    jekyll-sass-converter (2.1.0)
      sassc (> 2.0.1, < 3.0)
    jekyll-sitemap (1.4.0)
      jekyll (>= 3.7, < 5.0)
    jekyll-tagging (1.1.0)
      nuggets
    jekyll-watch (2.2.1)
      listen (~> 3.0)
    kramdown (2.3.1)
      rexml
    kramdown-parser-gfm (1.1.0)
      kramdown (~> 2.0)
    liquid (4.0.3)
    liquid-c (4.0.0)
      liquid (>= 3.0.0)
    listen (3.5.1)
      rb-fsevent (~> 0.10, >= 0.10.3)
      rb-inotify (~> 0.9, >= 0.9.10)
    mercenary (0.4.0)
    mime-types (3.3.1)
      mime-types-data (~> 3.2015)
    mime-types-data (3.2021.0225)
    minitest (5.14.4)
    multi_xml (0.6.0)
    native-package-installer (1.1.1)
    nuggets (1.6.0)
    pathutil (0.16.2)
      forwardable-extended (~> 2.6)
    pkg-config (1.4.6)
    public_suffix (4.0.6)
    rb-fsevent (0.11.0)
    rb-inotify (0.10.1)
      ffi (~> 1.0)
    red-colors (0.1.2)
    rexml (3.2.5)
    rouge (3.26.0)
    rsvg2 (3.4.4)
      cairo-gobject (= 3.4.4)
      gdk_pixbuf2 (= 3.4.4)
    safe_yaml (1.0.5)
    sassc (2.4.0)
      ffi (~> 1.9)
    stamp (0.6.0)
    terminal-table (2.0.0)
      unicode-display_width (~> 1.1, >= 1.1.1)
    tzinfo (2.0.4)
      concurrent-ruby (~> 1.0)
    unicode-display_width (1.7.0)
    victor (0.3.3)
    webrick (1.7.0)
    zeitwerk (2.4.2)

PLATFORMS
  x86_64-darwin-19

DEPENDENCIES
  activesupport
  bundler
  down
  httparty
  jekyll
  jekyll-feed
  jekyll-paginate
  jekyll-redirect-from
  jekyll-sitemap
  jekyll-tagging
  liquid-c
  rsvg2 (~> 3.0, >= 3.0.7)
  stamp (~> 0.6.0)
  victor
  webrick (~> 1.7)

BUNDLED WITH
   2.2.3
