GEM
  remote: https://rubygems.org/
  specs:
    addressable (2.7.0)
      public_suffix (>= 2.0.2, < 5.0)
    down (5.2.0)
      addressable (~> 2.5)
    httparty (0.18.1)
      mime-types (~> 3.0)
      multi_xml (>= 0.5.2)
    mime-types (3.3.1)
      mime-types-data (~> 3.2015)
    mime-types-data (3.2020.1104)
    multi_xml (0.6.0)
    public_suffix (4.0.6)
    sqlite3 (1.4.2)

PLATFORMS
  ruby

DEPENDENCIES
  down
  httparty
  sqlite3

BUNDLED WITH
   2.1.4
